PATH
  remote: .
  specs:
    zonify (0.1.0)

GEM
  remote: https://rubygems.org/
  specs:
    activesupport (2.3.16)
    diff-lcs (1.2.5)
    rake (10.1.1)
    rspec (2.14.1)
      rspec-core (~> 2.14.0)
      rspec-expectations (~> 2.14.0)
      rspec-mocks (~> 2.14.0)
    rspec-core (2.14.7)
    rspec-expectations (2.14.5)
      diff-lcs (>= 1.1.3, < 2.0)
    rspec-mocks (2.14.5)

PLATFORMS
  ruby

DEPENDENCIES
  activesupport (= 2.3.16)
  bundler (~> 1.5)
  rake
  rspec
  zonify!
